GEM
  remote: https://rubygems.org/
  specs:
    mini_portile (0.6.2)
    mysql2 (0.3.18)
    nokogiri (1.6.6.2)
      mini_portile (~> 0.6.0)

PLATFORMS
  ruby

DEPENDENCIES
  mysql2
  nokogiri
